PATH
  remote: .
  specs:
    control_spec_helper (0.0.2)
      mocha (~> 1.1)
      puppet (~> 4.0)
      puppet-lint (~> 1.1)
      puppet-syntax (~> 2.1)
      rake (~> 11.0)
      rspec-puppet (~> 2.4)

GEM
  remote: https://rubygems.org/
  specs:
    CFPropertyList (2.2.8)
    ast (2.2.0)
    coderay (1.1.1)
    colored (1.2)
    cri (2.6.1)
      colored (~> 1.2)
    diff-lcs (1.2.5)
    facter (2.4.6)
      CFPropertyList (~> 2.2.6)
    faraday (0.9.2)
      multipart-post (>= 1.2, < 3)
    faraday_middleware (0.10.0)
      faraday (>= 0.7.4, < 0.10)
    git (1.3.0)
    hiera (3.1.2)
      json_pure
    json_pure (1.8.3)
    log4r (1.1.10)
    metaclass (0.0.4)
    method_source (0.8.2)
    minitar (0.5.4)
    mocha (1.1.0)
      metaclass (~> 0.0.1)
    multi_json (1.11.3)
    multipart-post (2.0.0)
    net-ssh (3.1.1)
    parser (2.3.1.0)
      ast (~> 2.2)
    powerpack (0.1.1)
    pry (0.10.3)
      coderay (~> 1.1.0)
      method_source (~> 0.8.1)
      slop (~> 3.4)
    puppet (4.4.2)
      CFPropertyList (~> 2.2.6)
      facter (> 2.0, < 4)
      hiera (>= 2.0, < 4)
      json_pure
    puppet-lint (1.1.0)
    puppet-syntax (2.1.0)
      rake
    puppet_forge (2.1.5)
      faraday (~> 0.9.0)
      faraday_middleware (>= 0.9.0, < 0.11.0)
      minitar
      semantic_puppet (~> 0.1.0)
    r10k (2.2.2)
      colored (= 1.2)
      cri (~> 2.6.1)
      log4r (= 1.1.10)
      minitar
      multi_json (~> 1.10)
      puppet_forge (~> 2.1.5)
      semantic_puppet (~> 0.1.0)
    rainbow (2.1.0)
    rake (11.1.2)
    rspec (3.4.0)
      rspec-core (~> 3.4.0)
      rspec-expectations (~> 3.4.0)
      rspec-mocks (~> 3.4.0)
    rspec-core (3.4.4)
      rspec-support (~> 3.4.0)
    rspec-expectations (3.4.0)
      diff-lcs (>= 1.2.0, < 2.0)
      rspec-support (~> 3.4.0)
    rspec-mocks (3.4.1)
      diff-lcs (>= 1.2.0, < 2.0)
      rspec-support (~> 3.4.0)
    rspec-puppet (2.4.0)
      rspec
    rspec-support (3.4.1)
    rubocop (0.39.0)
      parser (>= 2.3.0.7, < 3.0)
      powerpack (~> 0.1)
      rainbow (>= 1.99.1, < 3.0)
      ruby-progressbar (~> 1.7)
      unicode-display_width (~> 1.0, >= 1.0.1)
    ruby-progressbar (1.8.0)
    semantic_puppet (0.1.1)
    slop (3.6.0)
    unicode-display_width (1.0.3)

PLATFORMS
  ruby

DEPENDENCIES
  control_spec_helper!
  git (~> 1.3)
  net-ssh (~> 3.1)
  pry (~> 0.10)
  r10k (~> 2.2)
  rubocop (~> 0.39)

BUNDLED WITH
   1.11.2
